PATH
  remote: .
  specs:
    hunspell-ffi (0.1.3.alpha)
      ffi (~> 0.6.3)

GEM
  remote: http://rubygems.org/
  specs:
    ffi (0.6.3)
      rake (>= 0.8.7)
    rake (0.8.7)

PLATFORMS
  ruby

DEPENDENCIES
  ffi (~> 0.6.3)
  hunspell-ffi!
