PATH
  remote: .
  specs:
    hunspell-ffi (0.1.3.alpha2)
      ffi (~> 1.0.7)

GEM
  remote: http://rubygems.org/
  specs:
    ffi (1.0.7)
      rake (>= 0.8.7)
    rake (0.8.7)

PLATFORMS
  ruby

DEPENDENCIES
  hunspell-ffi!
